GIT
  remote: https://github.com/wooga/riak_multiget.git
  revision: 17a84be7c821a43da069a59d2a1f945589d5a7d6
  branch: master
  specs:
    riak-client-multiget (0.1.0)
      riak-client (~> 1.4)

GEM
  remote: https://rubygems.org/
  specs:
    beefcake (1.0.0)
    builder (3.2.2)
    i18n (0.7.0)
    innertube (1.0.2)
    multi_json (1.11.0)
    riak-client (1.4.5)
      beefcake (~> 1.0.0)
      builder (>= 2.1.2)
      i18n (>= 0.4.0)
      innertube (~> 1.0.2)
      multi_json (~> 1.0)

PLATFORMS
  ruby

DEPENDENCIES
  riak-client-multiget!
